PATH
  remote: .
  specs:
    dl_validator (0.0.1)

GEM
  remote: https://rubygems.org/
  specs:
    activesupport (4.0.0)
      i18n (~> 0.6, >= 0.6.4)
      minitest (~> 4.2)
      multi_json (~> 1.3)
      thread_safe (~> 0.1)
      tzinfo (~> 0.3.37)
    atomic (1.1.10)
    i18n (0.6.4)
    minitest (4.3.2)
    multi_json (1.7.7)
    rake (10.0.4)
    shoulda (3.5.0)
      shoulda-context (~> 1.0, >= 1.0.1)
      shoulda-matchers (>= 1.4.1, < 3.0)
    shoulda-context (1.1.4)
    shoulda-matchers (2.2.0)
      activesupport (>= 3.0.0)
    thread_safe (0.1.0)
      atomic
    tzinfo (0.3.37)

PLATFORMS
  ruby

DEPENDENCIES
  bundler (~> 1.3)
  dl_validator!
  rake
  shoulda
